GEM
  remote: https://rubygems.org/
  specs:
    addressable (2.8.0)
      public_suffix (>= 2.0.2, < 5.0)
    bibtex-ruby (6.0.0)
      latex-decode (~> 0.0)
    citeproc (1.0.10)
      namae (~> 1.0)
    citeproc-ruby (1.1.14)
      citeproc (~> 1.0, >= 1.0.9)
      csl (~> 1.6)
    colorator (1.1.0)
    concurrent-ruby (1.1.9)
    csl (1.6.0)
      namae (~> 1.0)
      rexml
    csl-styles (1.0.1.11)
      csl (~> 1.0)
    em-websocket (0.5.2)
      eventmachine (>= 0.12.9)
      http_parser.rb (~> 0.6.0)
    eventmachine (1.2.7)
    execjs (2.8.1)
    ffi (1.15.4)
    forwardable-extended (2.6.0)
    http_parser.rb (0.6.0)
    i18n (1.8.10)
      concurrent-ruby (~> 1.0)
    jekyll (4.0.1)
      addressable (~> 2.4)
      colorator (~> 1.0)
      em-websocket (~> 0.5)
      i18n (>= 0.9.5, < 2)
      jekyll-sass-converter (~> 2.0)
      jekyll-watch (~> 2.0)
      kramdown (~> 2.1)
      kramdown-parser-gfm (~> 1.0)
      liquid (~> 4.0)
      mercenary (~> 0.3.3)
      pathutil (~> 0.9)
      rouge (~> 3.0)
      safe_yaml (~> 1.0)
      terminal-table (~> 1.8)
    jekyll-feed (0.15.1)
      jekyll (>= 3.7, < 5.0)
    jekyll-jupyter-notebook (0.0.4)
      jekyll
    jekyll-last-modified-at (1.3.0)
      jekyll (>= 3.7, < 5.0)
      posix-spawn (~> 0.3.9)
    jekyll-sass-converter (2.1.0)
      sassc (> 2.0.1, < 3.0)
    jekyll-scholar (7.0.0)
      bibtex-ruby (~> 6.0)
      citeproc-ruby (~> 1.0)
      csl-styles (~> 1.0)
      jekyll (~> 4.0)
    jekyll-sitemap (1.4.0)
      jekyll (>= 3.7, < 5.0)
    jekyll-watch (2.2.1)
      listen (~> 3.0)
    jekyll-youtube (1.0.0)
      jekyll
    json (2.6.0)
    katex (0.8.0)
      execjs (~> 2.7)
    kramdown (2.3.1)
      rexml
    kramdown-math-katex (1.0.1)
      katex (~> 0.4)
      kramdown (~> 2.0)
    kramdown-parser-gfm (1.1.0)
      kramdown (~> 2.0)
    latex-decode (0.3.2)
    libv8 (3.16.14.19-x86_64-linux)
    liquid (4.0.3)
    liquid_pluralize (1.0.3)
      liquid (>= 2.6, < 5.0)
    liquid_reading_time (1.1.3)
      liquid (>= 2.6, < 5.0)
      nokogiri (~> 1.6)
    listen (3.7.0)
      rb-fsevent (~> 0.10, >= 0.10.3)
      rb-inotify (~> 0.9, >= 0.9.10)
    mercenary (0.3.6)
    mini_portile2 (2.6.1)
    namae (1.1.1)
    nokogiri (1.12.5)
      mini_portile2 (~> 2.6.1)
      racc (~> 1.4)
    pathutil (0.16.2)
      forwardable-extended (~> 2.6)
    posix-spawn (0.3.15)
    public_suffix (4.0.6)
    racc (1.6.0)
    rb-fsevent (0.11.0)
    rb-inotify (0.10.1)
      ffi (~> 1.0)
    ref (2.0.0)
    rexml (3.2.5)
    rouge (3.26.1)
    safe_yaml (1.0.5)
    sassc (2.4.0)
      ffi (~> 1.9)
    terminal-table (1.8.0)
      unicode-display_width (~> 1.1, >= 1.1.1)
    therubyracer (0.12.3)
      libv8 (~> 3.16.14.15)
      ref
    unicode-display_width (1.8.0)
    webrick (1.7.0)

PLATFORMS
  ruby

DEPENDENCIES
  jekyll (~> 4.0.1)
  jekyll-feed
  jekyll-jupyter-notebook
  jekyll-last-modified-at
  jekyll-scholar
  jekyll-sitemap
  jekyll-youtube
  json
  kramdown
  kramdown-math-katex
  liquid_pluralize
  liquid_reading_time
  rouge
  therubyracer
  webrick (~> 1.7)

BUNDLED WITH
   2.2.26
